GEM
  remote: https://rubygems.org/
  specs:
    racc (1.8.0)

PLATFORMS
  ruby
  x86_64-darwin-23

DEPENDENCIES
  racc

BUNDLED WITH
   2.5.9
